GEM
  remote: https://rubygems.org/
  specs:
    colorize (0.8.1)
    compare_by (1.0.0)
    diff-lcs (1.2.5)
    mini_portile2 (2.1.0)
    nokogiri (1.6.8)
      mini_portile2 (~> 2.1.0)
      pkg-config (~> 1.1.7)
    open_uri_redirections (0.2.1)
    parallel (1.9.0)
    pkg-config (1.1.7)
    rspec (3.5.0)
      rspec-core (~> 3.5.0)
      rspec-expectations (~> 3.5.0)
      rspec-mocks (~> 3.5.0)
    rspec-core (3.5.1)
      rspec-support (~> 3.5.0)
    rspec-expectations (3.5.0)
      diff-lcs (>= 1.2.0, < 2.0)
      rspec-support (~> 3.5.0)
    rspec-mocks (3.5.0)
      diff-lcs (>= 1.2.0, < 2.0)
      rspec-support (~> 3.5.0)
    rspec-support (3.5.0)

PLATFORMS
  ruby

DEPENDENCIES
  colorize
  compare_by
  nokogiri
  open_uri_redirections
  parallel
  rspec

BUNDLED WITH
   1.12.5
